GEM
  specs:
    gnuplot (2.6.2)

PLATFORMS
  java

DEPENDENCIES
  gnuplot
